GEM
  remote: http://rubygems.org/
  specs:
    diff-lcs (1.2.5)
    flexmock (2.3.4)
    foreman (0.82.0)
      thor (~> 0.19.1)
    given_core (3.8.0)
      sorcerer (>= 0.3.7)
    little-plugger (1.1.4)
    logging (2.1.0)
      little-plugger (~> 1.1)
      multi_json (~> 1.10)
    multi_json (1.12.1)
    rspec (3.5.0)
      rspec-core (~> 3.5.0)
      rspec-expectations (~> 3.5.0)
      rspec-mocks (~> 3.5.0)
    rspec-core (3.5.4)
      rspec-support (~> 3.5.0)
    rspec-expectations (3.5.0)
      diff-lcs (>= 1.2.0, < 2.0)
      rspec-support (~> 3.5.0)
    rspec-given (3.8.0)
      given_core (= 3.8.0)
      rspec (>= 2.14.0)
    rspec-mocks (3.5.0)
      diff-lcs (>= 1.2.0, < 2.0)
      rspec-support (~> 3.5.0)
    rspec-support (3.5.0)
    sorcerer (1.0.2)
    thor (0.19.4)

PLATFORMS
  ruby

DEPENDENCIES
  flexmock
  foreman
  logging
  rspec
  rspec-given

BUNDLED WITH
   1.11.2
